GEM
  remote: https://rubygems.org/
  specs:
    minitest (5.16.2)

PLATFORMS
  x86_64-linux

DEPENDENCIES
  minitest (~> 5.16, >= 5.16.2)

BUNDLED WITH
   2.3.7
